{
	"Manufacturer": "Siemens",
	"ManufacturersModelName": "Prisma_fit",
	"EchoTrainLength": 68,
	"AcquisitionNumber": 1,
	"InstitutionName": "USC",
	"InstitutionAddress": "McClintock_3520A_Los_Angeles_SVC0e0594213b1104_CA_US_90089",
	"DeviceSerialNumber": "67025",
	"SoftwareVersions": "syngo_MR_E11",
	"ProcedureStepDescription": "HAssal_Music",
	"ScanningSequence": "EP",
	"SequenceVariant": "SK_SS",
	"SeriesDescription": "MUSIC_DYNAMICS_SNL",
	"BodyPartExamined": "BRAIN",
	"ProtocolName": "MUSIC_DYNAMICS_SNL",
	"SequenceName": "epfid2d1_68",
	"ImageType": ["ORIGINAL", "PRIMARY", "M", "MB", "ND", "MOSAIC"],
	"AcquisitionTime": "13:39:27.082500",
	"MagneticFieldStrength": 3,
	"FlipAngle": 52,
	"EchoTime": 0.035,
	"RepetitionTime": 1,
	"PhaseEncodingLines": 68,
	"BandwidthPerPixelPhaseEncode": 25.355,
	"EffectiveEchoSpacing": 0.000579999,
	"TotalReadoutTime": 0.03886,
	"SliceTiming": [
		0,
		0.49,
		0.165,
		0.8175,
		0.3275,
		0.655,
		0,
		0.49,
		0.165,
		0.8175,
		0.3275,
		0.655,
		0,
		0.49,
		0.165,
		0.8175,
		0.3275,
		0.655,
		0,
		0.49,
		0.165,
		0.8175,
		0.3275,
		0.655,
		0,
		0.49,
		0.165,
		0.8175,
		0.3275,
		0.655,
		0,
		0.49,
		0.165,
		0.8175,
		0.3275,
		0.655,
		0,
		0.49,
		0.165,
		0.8175,
		0.3275,
		0.655,
		0,
		0.49,
		0.165,
		0.8175,
		0.3275,
		0.655	],
	"PhaseEncodingDirection": "j-",
	"ConversionSoftware": "dcm2niix",
	"ConversionSoftwareVersion": "v1.0.20170724 (OpenJPEG build) GCC6.1.0"
}
